GIT
  remote: ccrypto
  revision: 0d1c446d77fb781857f5ac087de9326bc3dafca9
  branch: main
  specs:
    ccrypto (0.1.0)
      activesupport
      teLogger
      toolrack

PATH
  remote: .
  specs:
    ccrypto-ruby (0.1.0)
      teLogger
      toolrack

GEM
  remote: https://rubygems.org/
  specs:
    activesupport (7.0.3.1)
      concurrent-ruby (~> 1.0, >= 1.0.2)
      i18n (>= 1.6, < 2)
      minitest (>= 5.1)
      tzinfo (~> 2.0)
    base58 (0.2.3)
    concurrent-ruby (1.1.10)
    diff-lcs (1.5.0)
    i18n (1.12.0)
      concurrent-ruby (~> 1.0)
    minitest (5.16.2)
    rake (13.0.6)
    rspec (3.11.0)
      rspec-core (~> 3.11.0)
      rspec-expectations (~> 3.11.0)
      rspec-mocks (~> 3.11.0)
    rspec-core (3.11.0)
      rspec-support (~> 3.11.0)
    rspec-expectations (3.11.0)
      diff-lcs (>= 1.2.0, < 2.0)
      rspec-support (~> 3.11.0)
    rspec-mocks (3.11.1)
      diff-lcs (>= 1.2.0, < 2.0)
      rspec-support (~> 3.11.0)
    rspec-support (3.11.0)
    teLogger (0.1.0)
    tlogger (0.26.3)
    toolrack (0.18.5)
      base58
      tlogger
    tzinfo (2.0.5)
      concurrent-ruby (~> 1.0)

PLATFORMS
  x86_64-linux

DEPENDENCIES
  ccrypto!
  ccrypto-ruby!
  rake (~> 13.0)
  rspec (~> 3.0)

BUNDLED WITH
   2.2.28
